GEM
  remote: https://rubygems.org/
  specs:
    fastercsv (1.5.5)
    ferret (0.11.8.5)
    geokit (1.6.7)
      multi_json (>= 1.3.2)
    google-v3-geocoder (1.0.0)
      geokit (>= 1.5.0)
      json
    json (1.8.1)
    multi_json (1.10.1)
    mysql (2.9.1)
    rack (1.1.6)
    rake (0.9.2.2)
    sqlite3 (1.3.11)

PLATFORMS
  ruby

DEPENDENCIES
  fastercsv (~> 1.5.5)
  ferret (~> 0.11.8.5)
  geokit (~> 1.6.7)
  google-v3-geocoder (~> 1.0.0)
  json (~> 1.8.1)
  mysql (~> 2.9.1)
  rack (~> 1.1.0)
  rake (~> 0.9.2.2)
  sqlite3

BUNDLED WITH
   1.10.6
