GEM
  remote: https://rubygems.org/
  specs:
    fastercsv (1.5.5)
    ferret (0.11.8.5)
    geokit (1.6.7)
      multi_json (>= 1.3.2)
    json (1.8.1)
    multi_json (1.9.0)
    mysql (2.9.1)
    rack (1.1.6)
    rake (0.9.2.2)

PLATFORMS
  ruby

DEPENDENCIES
  fastercsv (~> 1.5.5)
  ferret (~> 0.11.8.5)
  geokit (~> 1.6.7)
  json (~> 1.8.1)
  mysql (~> 2.9.1)
  rack (~> 1.1.0)
  rake (~> 0.9.2.2)
