GEM
  remote: https://rubygems.org/
  specs:
    builder (3.2.2)
    c_geohash (1.1.2)
    fastercsv (1.5.5)
    ferret (0.11.8.5)
    geokit (1.6.7)
      multi_json (>= 1.3.2)
    google-v3-geocoder (1.0.0)
      geokit (>= 1.5.0)
      geokit (>= 1.5.0)
      json
    json (1.8.1)
    multi_json (1.10.1)
    mysql (2.9.1)
    pg (0.17.1)
    rack (1.1.6)
    rake (0.9.2.2)
    rsolr (1.0.10)
      builder (>= 2.1.2)

PLATFORMS
  ruby

DEPENDENCIES
  c_geohash (~> 1.1.2)
  fastercsv (~> 1.5.5)
  ferret (~> 0.11.8.5)
  geokit (~> 1.6.7)
  google-v3-geocoder
  json (~> 1.8.1)
  mysql (~> 2.9.1)
  pg (~> 0.17.1)
  rack (~> 1.1.0)
  rake (~> 0.9.2.2)
  rsolr (~> 1.0.10)
