GEM
  remote: https://rubygems.org/
  specs:
    ferret (0.11.8.5)
    geokit (1.6.7)
      multi_json (>= 1.3.2)
    json (1.8.1)
    multi_json (1.8.2)
    mysql (2.9.1)
    rack (1.1.6)

PLATFORMS
  ruby

DEPENDENCIES
  ferret (~> 0.11.8.5)
  geokit (~> 1.6.7)
  json (~> 1.8.1)
  mysql (~> 2.9.1)
  rack (~> 1.1.0)
